PATH
  remote: .
  specs:
    slugged (0.4.1)
      activerecord (~> 3)
      activesupport (~> 3)
      uuid

GEM
  remote: http://rubygems.org/
  specs:
    Saikuro (1.1.0)
    activemodel (3.1.1)
      activesupport (= 3.1.1)
      builder (~> 3.0.0)
      i18n (~> 0.6)
    activerecord (3.1.1)
      activemodel (= 3.1.1)
      activesupport (= 3.1.1)
      arel (~> 2.2.1)
      tzinfo (~> 0.3.29)
    activesupport (3.1.1)
      multi_json (~> 1.0)
    arel (2.2.1)
    builder (3.0.0)
    columnize (0.3.4)
    flay (1.4.3)
      ruby_parser (~> 2.0)
      sexp_processor (~> 3.0)
    flog (2.5.3)
      ruby_parser (~> 2.0)
      sexp_processor (~> 3.0)
    i18n (0.6.0)
    json (1.6.1)
    linecache (0.46)
      rbx-require-relative (> 0.0.4)
    macaddr (1.4.0)
      systemu (~> 2.2.0)
    multi_json (1.0.3)
    rake (0.9.2)
    rbx-require-relative (0.0.5)
    rcov (0.9.11)
    rdoc (3.10)
      json (~> 1.4)
    redgreen (1.2.2)
    reek (1.2.8)
      ruby2ruby (~> 1.2)
      ruby_parser (~> 2.0)
      sexp_processor (~> 3.0)
    reversible_data (0.1.0)
    roodi (2.1.0)
      ruby_parser
    ruby-debug (0.10.4)
      columnize (>= 0.1)
      ruby-debug-base (~> 0.10.4.0)
    ruby-debug-base (0.10.4)
      linecache (>= 0.3)
    ruby2ruby (1.3.1)
      ruby_parser (~> 2.0)
      sexp_processor (~> 3.0)
    ruby_parser (2.3.1)
      sexp_processor (~> 3.0)
    sexp_processor (3.0.7)
    shoulda (2.11.3)
    sqlite3 (1.3.4)
    sqlite3-ruby (1.3.3)
      sqlite3 (>= 1.3.3)
    systemu (2.2.0)
    tzinfo (0.3.30)
    uuid (2.3.4)
      macaddr (~> 1.0)

PLATFORMS
  ruby

DEPENDENCIES
  Saikuro
  flay
  flog
  rake (> 0.9)
  rcov
  rdoc
  redgreen
  reek
  reversible_data
  roodi
  ruby-debug
  shoulda
  slugged!
  sqlite3-ruby
