GEM
  remote: http://rubygems.org/
  specs:
    Saikuro (1.1.0)
    activemodel (3.1.0.beta1)
      activesupport (= 3.1.0.beta1)
      bcrypt-ruby (~> 2.1.4)
      builder (~> 3.0.0)
      i18n (~> 0.6.0beta1)
    activerecord (3.1.0.beta1)
      activemodel (= 3.1.0.beta1)
      activesupport (= 3.1.0.beta1)
      arel (~> 2.1.0)
      tzinfo (~> 0.3.27)
    activesupport (3.1.0.beta1)
      multi_json (~> 1.0)
    arel (2.1.0)
    bcrypt-ruby (2.1.4)
    builder (3.0.0)
    columnize (0.3.1)
    flay (1.4.1)
      ruby_parser (~> 2.0)
      sexp_processor (~> 3.0)
    flog (2.5.0)
      ruby_parser (~> 2.0)
      sexp_processor (~> 3.0)
    gemcutter (0.6.1)
    git (1.2.5)
    i18n (0.6.0beta1)
    jeweler (1.4.0)
      gemcutter (>= 0.1.0)
      git (>= 1.2.5)
      rubyforge (>= 2.0.0)
    json_pure (1.4.6)
    linecache (0.43)
    macaddr (1.0.0)
    multi_json (1.0.1)
    rake (0.8.7)
    rcov (0.9.9)
    redgreen (1.2.2)
    reek (1.2.8)
      ruby2ruby (~> 1.2)
      ruby_parser (~> 2.0)
      sexp_processor (~> 3.0)
    reversible_data (0.1.0)
    roodi (2.1.0)
      ruby_parser
    ruby-debug (0.10.3)
      columnize (>= 0.1)
      ruby-debug-base (~> 0.10.3.0)
    ruby-debug-base (0.10.3)
      linecache (>= 0.3)
    ruby2ruby (1.2.5)
      ruby_parser (~> 2.0)
      sexp_processor (~> 3.0)
    ruby_parser (2.0.5)
      sexp_processor (~> 3.0)
    rubyforge (2.0.4)
      json_pure (>= 1.1.7)
    sexp_processor (3.0.5)
    shoulda (2.11.3)
    sqlite3-ruby (1.3.1)
    tzinfo (0.3.27)
    uuid (2.3.1)
      macaddr (~> 1.0)

PLATFORMS
  ruby

DEPENDENCIES
  Saikuro
  activerecord (~> 3.1.0.beta1)
  flay
  flog
  jeweler
  rake
  rcov
  redgreen
  reek
  reversible_data
  roodi
  ruby-debug
  shoulda
  sqlite3-ruby
  uuid
